GIT
  remote: git://github.com/harlantwood/easy_shell.git
  revision: 60d640d5a86f43ccbb7c7f9ff8af8d73472d4f20
  specs:
    easy_shell (0.0.1)

GEM
  remote: https://rubygems.org/
  specs:
    activesupport (3.2.9)
      i18n (~> 0.6)
      multi_json (~> 1.0)
    awesome_print (1.1.0)
    faraday (0.8.4)
      multipart-post (~> 1.1)
    foreman (0.60.0)
      thor (>= 0.13.6)
    github_api (0.7.0)
      faraday (~> 0.8.1)
      hashie (~> 1.2.0)
      multi_json (~> 1.3)
      nokogiri (~> 1.5.2)
      oauth2
    hashie (1.2.0)
    httpauth (0.2.0)
    i18n (0.6.1)
    json (1.7.5)
    jwt (0.1.5)
      multi_json (>= 1.0)
    mime-types (1.19)
    multi_json (1.3.6)
    multipart-post (1.1.5)
    nokogiri (1.5.5)
    oauth2 (0.8.0)
      faraday (~> 0.8)
      httpauth (~> 0.1)
      jwt (~> 0.1.4)
      multi_json (~> 1.0)
      rack (~> 1.2)
    rack (1.4.1)
    rest-client (1.6.7)
      mime-types (>= 1.16)
    superstring (0.0.1)
      activesupport (>= 3.0.0)
      i18n
    thor (0.16.0)

PLATFORMS
  ruby

DEPENDENCIES
  awesome_print
  easy_shell!
  foreman
  github_api
  json
  rest-client
  superstring
  thor
